GEM
  remote: https://rubygems.org/
  specs:
    ast (2.3.0)
    axiom-types (0.1.1)
      descendants_tracker (~> 0.0.4)
      ice_nine (~> 0.11.0)
      thread_safe (~> 0.3, >= 0.3.1)
    codeclimate-engine-rb (0.4.0)
      virtus (~> 1.0)
    coercible (1.0.0)
      descendants_tracker (~> 0.0.1)
    descendants_tracker (0.0.4)
      thread_safe (~> 0.3, >= 0.3.1)
    diff-lcs (1.3)
    equalizer (0.0.11)
    gherkin (4.1.3)
    ice_nine (0.11.2)
    parallel (1.11.2)
    parser (2.4.0.0)
      ast (~> 2.2)
    powerpack (0.1.1)
    rainbow (2.2.2)
      rake
    rake (12.0.0)
    reek (4.7.0)
      codeclimate-engine-rb (~> 0.4.0)
      parser (>= 2.4.0.0, < 2.5)
      rainbow (~> 2.0)
    rspec (3.6.0)
      rspec-core (~> 3.6.0)
      rspec-expectations (~> 3.6.0)
      rspec-mocks (~> 3.6.0)
    rspec-core (3.6.0)
      rspec-support (~> 3.6.0)
    rspec-expectations (3.6.0)
      diff-lcs (>= 1.2.0, < 2.0)
      rspec-support (~> 3.6.0)
    rspec-mocks (3.6.0)
      diff-lcs (>= 1.2.0, < 2.0)
      rspec-support (~> 3.6.0)
    rspec-support (3.6.0)
    rubocop (0.49.1)
      parallel (~> 1.10)
      parser (>= 2.3.3.1, < 3.0)
      powerpack (~> 0.1)
      rainbow (>= 1.99.1, < 3.0)
      ruby-progressbar (~> 1.7)
      unicode-display_width (~> 1.0, >= 1.0.1)
    ruby-progressbar (1.8.1)
    thread_safe (0.3.6)
    turnip (3.0.0)
      gherkin (~> 4.0)
      rspec (>= 3.0, < 4.0)
    unicode-display_width (1.2.1)
    virtus (1.0.5)
      axiom-types (~> 0.1)
      coercible (~> 1.0)
      descendants_tracker (~> 0.0, >= 0.0.3)
      equalizer (~> 0.0, >= 0.0.9)

PLATFORMS
  ruby

DEPENDENCIES
  reek
  rspec
  rubocop
  turnip

BUNDLED WITH
   1.15.0
